GIT
  remote: git://github.com/LifeKraze/ruby-saml.git
  revision: 3c56aa4a9f146837ac75aad5293d5a344356ee68
  specs:
    ruby-saml (0.8.1)
      nokogiri (>= 1.5.0)
      uuid (~> 2.3)

PATH
  remote: .
  specs:
    omniauth-saml (1.2.0)
      omniauth (~> 1.2)
      ruby-saml (~> 0.8.1)

GEM
  remote: https://rubygems.org/
  specs:
    diff-lcs (1.2.5)
    docile (1.1.5)
    hashie (3.3.1)
    macaddr (1.7.1)
      systemu (~> 2.6.2)
    mini_portile (0.6.1)
    multi_json (1.10.1)
    nokogiri (1.6.4.1)
      mini_portile (~> 0.6.0)
    omniauth (1.2.2)
      hashie (>= 1.2, < 4)
      rack (~> 1.0)
    rack (1.5.2)
    rack-test (0.6.2)
      rack (>= 1.0)
    rspec (2.99.0)
      rspec-core (~> 2.99.0)
      rspec-expectations (~> 2.99.0)
      rspec-mocks (~> 2.99.0)
    rspec-core (2.99.2)
    rspec-expectations (2.99.2)
      diff-lcs (>= 1.1.3, < 2.0)
    rspec-mocks (2.99.2)
    simplecov (0.9.1)
      docile (~> 1.1.0)
      multi_json (~> 1.0)
      simplecov-html (~> 0.8.0)
    simplecov-html (0.8.0)
    systemu (2.6.4)
    uuid (2.3.7)
      macaddr (~> 1.0)

PLATFORMS
  ruby

DEPENDENCIES
  omniauth-saml!
  rack-test (~> 0.6)
  rspec (~> 2.8)
  ruby-saml (~> 0.8.1)!
  simplecov (~> 0.6)
